GEM
  remote: https://rubygems.org/
  specs:
    debug (1.9.2)
      irb (~> 1.10)
      reline (>= 0.3.8)
    ffi (1.17.0-x86_64-darwin)
    io-console (0.7.2)
    irb (1.13.2)
      rdoc (>= 4.0.0)
      reline (>= 0.4.2)
    listen (3.9.0)
      rb-fsevent (~> 0.10, >= 0.10.3)
      rb-inotify (~> 0.9, >= 0.9.10)
    observer (0.1.2)
    psych (5.1.2)
      stringio
    rb-fsevent (0.11.2)
    rb-inotify (0.11.1)
      ffi (~> 1.0)
    rdoc (6.7.0)
      psych (>= 4.0.0)
    reline (0.5.9)
      io-console (~> 0.5)
    retest (1.13.2)
      listen (~> 3.9)
      observer (~> 0.1)
      string-similarity (~> 2.1)
      tty-option (~> 0.1)
    string-similarity (2.1.0)
    stringio (3.1.1)
    tty-option (0.3.0)

PLATFORMS
  x86_64-darwin

DEPENDENCIES
  debug
  retest

RUBY VERSION
   ruby 3.2.0p0

BUNDLED WITH
   2.5.16
